GEM
  remote: https://rubygems.org/
  specs:
    addressable (2.7.0)
      public_suffix (>= 2.0.2, < 5.0)
    capybara (3.36.0)
      addressable
      matrix
      mini_mime (>= 0.1.3)
      nokogiri (~> 1.8)
      rack (>= 1.6.0)
      rack-test (>= 0.6.3)
      regexp_parser (>= 1.5, < 3.0)
      xpath (~> 3.2)
    childprocess (3.0.0)
    chunky_png (1.3.6)
    crass (1.0.6)
    css_parser (1.7.1)
      addressable
    domain_name (0.5.20190701)
      unf (>= 0.0.5, < 1.0.0)
    eyes_capybara (3.17.0)
      capybara
      eyes_selenium (= 3.17.0)
    eyes_core (3.17.0)
      chunky_png (= 1.3.6)
      faraday
      faraday-cookie_jar
      faraday_middleware
      oily_png (~> 1.2)
      oj
    eyes_selenium (3.17.0)
      crass
      css_parser
      eyes_core (= 3.17.0)
      nokogiri
      selenium-webdriver
      state_machine
    faraday (1.0.1)
      multipart-post (>= 1.2, < 3)
    faraday-cookie_jar (0.0.6)
      faraday (>= 0.7.4)
      http-cookie (~> 1.0.0)
    faraday_middleware (1.0.0)
      faraday (~> 1.0)
    http-cookie (1.0.3)
      domain_name (~> 0.5)
    matrix (0.4.2)
    mini_mime (1.0.2)
    mini_portile2 (2.4.0)
    multipart-post (2.1.1)
    nokogiri (1.10.9)
      mini_portile2 (~> 2.4.0)
    nokogiri (1.10.9-x64-mingw32)
      mini_portile2 (~> 2.4.0)
    oily_png (1.2.0)
      chunky_png (~> 1.3.1)
    oj (3.10.6)
    public_suffix (4.0.5)
    rack (3.0.4.2)
    rack-test (2.0.2)
      rack (>= 1.3)
    regexp_parser (1.7.0)
    rubyzip (2.3.0)
    selenium-webdriver (3.142.7)
      childprocess (>= 0.5, < 4.0)
      rubyzip (>= 1.2.2)
    state_machine (1.2.0)
    unf (0.1.4)
      unf_ext
    unf_ext (0.0.7.7)
    unf_ext (0.0.7.7-x64-mingw32)
    xpath (3.2.0)
      nokogiri (~> 1.8)

PLATFORMS
  x64-mingw32
  x86_64-linux

DEPENDENCIES
  eyes_capybara
  eyes_selenium

BUNDLED WITH
   2.1.4
